GIT
  remote: https://github.com/projectblacklight/spotlight.git
  revision: 7e4354dcca00615415281ab6fb4e728f7a66119a
  branch: iiif_crop
  specs:
    blacklight-spotlight (0.29.1)
      acts-as-taggable-on (>= 4.0.0.pre)
      almond-rails (~> 0.0.1)
      autoprefixer-rails
      blacklight (~> 6.3)
      blacklight-gallery (>= 0.3.0)
      blacklight-oembed (>= 0.0.3)
      bootstrap_form (~> 2.2)
      breadcrumbs_on_rails (~> 2.3.0)
      cancancan
      carrierwave
      clipboard-rails (~> 1.5)
      devise (>= 3.0)
      devise_invitable (~> 1.6)
      faraday
      faraday_middleware
      friendly_id (>= 5.2.0.beta.1, < 6)
      github-markup
      legato
      mini_magick
      nokogiri
      oauth2
      openseadragon
      paper_trail (~> 5.0, >= 5.2.1)
      rails (>= 4.2.0, < 6)
      roar-rails
      signet
      sir_trevor_rails (~> 0.5)
      sprockets-es6
      tophat
      underscore-rails (~> 1.6)

GEM
  remote: https://rubygems.org/
  specs:
    actioncable (5.0.0.1)
      actionpack (= 5.0.0.1)
      nio4r (~> 1.2)
      websocket-driver (~> 0.6.1)
    actionmailer (5.0.0.1)
      actionpack (= 5.0.0.1)
      actionview (= 5.0.0.1)
      activejob (= 5.0.0.1)
      mail (~> 2.5, >= 2.5.4)
      rails-dom-testing (~> 2.0)
    actionpack (5.0.0.1)
      actionview (= 5.0.0.1)
      activesupport (= 5.0.0.1)
      rack (~> 2.0)
      rack-test (~> 0.6.3)
      rails-dom-testing (~> 2.0)
      rails-html-sanitizer (~> 1.0, >= 1.0.2)
    actionview (5.0.0.1)
      activesupport (= 5.0.0.1)
      builder (~> 3.1)
      erubis (~> 2.7.0)
      rails-dom-testing (~> 2.0)
      rails-html-sanitizer (~> 1.0, >= 1.0.2)
    activejob (5.0.0.1)
      activesupport (= 5.0.0.1)
      globalid (>= 0.3.6)
    activemodel (5.0.0.1)
      activesupport (= 5.0.0.1)
    activerecord (5.0.0.1)
      activemodel (= 5.0.0.1)
      activesupport (= 5.0.0.1)
      arel (~> 7.0)
    activesupport (5.0.0.1)
      concurrent-ruby (~> 1.0, >= 1.0.2)
      i18n (~> 0.7)
      minitest (~> 5.1)
      tzinfo (~> 1.1)
    acts-as-taggable-on (4.0.0)
      activerecord (>= 4.0)
    addressable (2.5.0)
      public_suffix (~> 2.0, >= 2.0.2)
    airbrussh (1.1.1)
      sshkit (>= 1.6.1, != 1.7.0)
    almond-rails (0.0.3)
      rails (>= 4.2, < 6)
    arel (7.1.4)
    ast (2.3.0)
    autoprefixer-rails (6.5.4)
      execjs
    babel-source (5.8.35)
    babel-transpiler (0.7.0)
      babel-source (>= 4.0, < 6)
      execjs (~> 2.0)
    bcrypt (3.1.11)
    blacklight (6.7.2)
      bootstrap-sass (~> 3.2)
      deprecation
      globalid
      kaminari (>= 0.15)
      nokogiri (~> 1.6)
      rails (>= 4.2, < 6)
      rsolr (>= 1.0.6, < 3)
      twitter-typeahead-rails (= 0.11.1.pre.corejavascript)
    blacklight-gallery (0.6.1)
      blacklight (~> 6.3)
      bootstrap-sass (~> 3.0)
      openseadragon (>= 0.2.0)
      rails
    blacklight-oembed (0.1.0)
      blacklight (>= 5.0, < 7)
      bootstrap-sass (~> 3.0)
      rails
      ruby-oembed
    blacklight_advanced_search (6.2.1)
      blacklight (~> 6.0, >= 6.0.1)
      parslet
    blacklight_heatmaps (0.3.0)
      blacklight (~> 6.0)
      leaflet-rails
      leaflet-sidebar-rails (~> 0.1.9)
      rails (>= 4.2.6, < 6)
    blankslate (3.1.3)
    bootstrap-sass (3.3.7)
      autoprefixer-rails (>= 5.2.1)
      sass (>= 3.3.4)
    bootstrap_form (2.5.2)
    breadcrumbs_on_rails (2.3.1)
    builder (3.2.2)
    bundler-audit (0.5.0)
      bundler (~> 1.2)
      thor (~> 0.18)
    byebug (9.0.6)
    cancancan (1.15.0)
    capistrano (3.7.0)
      airbrussh (>= 1.0.0)
      capistrano-harrow
      i18n
      rake (>= 10.0.0)
      sshkit (>= 1.9.0)
    capistrano-bundle_audit (0.2.1)
      bundler-audit (~> 0.5)
      capistrano (~> 3.0)
    capistrano-bundler (1.2.0)
      capistrano (~> 3.1)
      sshkit (~> 1.2)
    capistrano-harrow (0.5.3)
    capistrano-one_time_key (0.0.1)
      capistrano (~> 3.0)
    capistrano-passenger (0.2.0)
      capistrano (~> 3.0)
    capistrano-rails (1.2.0)
      capistrano (~> 3.1)
      capistrano-bundler (~> 1.1)
    capistrano-releaseboard (0.0.1)
      faraday
    capistrano-shared_configs (0.1.1)
    capistrano-sidekiq (0.10.0)
      capistrano
      sidekiq (>= 3.4)
    capybara (2.11.0)
      addressable
      mime-types (>= 1.16)
      nokogiri (>= 1.3.3)
      rack (>= 1.0.0)
      rack-test (>= 0.5.4)
      xpath (~> 2.0)
    carrierwave (0.11.2)
      activemodel (>= 3.2.0)
      activesupport (>= 3.2.0)
      json (>= 1.7)
      mime-types (>= 1.16)
      mimemagic (>= 0.3.0)
    chronic (0.10.2)
    clipboard-rails (1.5.16)
    coffee-rails (4.2.1)
      coffee-script (>= 2.2.0)
      railties (>= 4.0.0, < 5.2.x)
    coffee-script (2.4.1)
      coffee-script-source
      execjs
    coffee-script-source (1.11.1)
    concurrent-ruby (1.0.2)
    config (1.3.0)
      activesupport (>= 3.0)
      deep_merge (~> 1.1.1)
    confstruct (1.0.2)
      hashie (~> 3.3)
    connection_pool (2.2.1)
    coveralls (0.8.17)
      json (>= 1.8, < 3)
      simplecov (~> 0.12.0)
      term-ansicolor (~> 1.3)
      thor (~> 0.19.1)
      tins (~> 1.6)
    daemons (1.2.4)
    database_cleaner (1.5.3)
    debug_inspector (0.0.2)
    deep_merge (1.1.1)
    deprecation (1.0.0)
      activesupport
    devise (4.2.0)
      bcrypt (~> 3.0)
      orm_adapter (~> 0.1)
      railties (>= 4.1.0, < 5.1)
      responders
      warden (~> 1.2.3)
    devise-guests (0.5.0)
      devise
    devise-remote-user (0.6.0)
      devise
    devise_invitable (1.7.0)
      actionmailer (>= 4.0.0)
      devise (>= 4.0.0)
    diff-lcs (1.2.5)
    diffy (3.1.0)
    dlss-capistrano (3.4.0)
      capistrano (~> 3.0)
      capistrano-bundle_audit (>= 0.1.0)
      capistrano-one_time_key
      capistrano-releaseboard
      capistrano-shared_configs
    docile (1.1.5)
    dor-fetcher (1.0.5)
    dotenv (2.1.1)
    errbase (0.0.3)
    erubis (2.7.0)
    execjs (2.7.0)
    factory_girl (4.7.0)
      activesupport (>= 3.0.0)
    factory_girl_rails (4.7.0)
      factory_girl (~> 4.7.0)
      railties (>= 3.0.0)
    faraday (0.9.2)
      multipart-post (>= 1.2, < 3)
    faraday_middleware (0.10.1)
      faraday (>= 0.7.4, < 1.0)
    ffi (1.9.14)
    friendly_id (5.2.0)
      activerecord (>= 4.0.0)
    gdor-indexer (0.8.0)
      activesupport
      harvestdor-indexer
      hooks
      mail
      nokogiri
      rsolr
      stanford-mods (~> 2.2, >= 2.2.1)
      trollop
    github-markup (1.4.0)
    globalid (0.3.7)
      activesupport (>= 4.1.0)
    harvestdor (0.3.1)
      confstruct
      faraday
      net-http-persistent
      nokogiri
    harvestdor-indexer (2.4.0)
      activesupport
      confstruct
      dor-fetcher (= 1.0.5)
      harvestdor (>= 0.0.14)
      parallel
      retries
      rsolr
      stanford-mods
    hashie (3.4.6)
    honeybadger (2.7.2)
    hooks (0.4.1)
      uber (~> 0.0.14)
    i18n (0.7.0)
    iiif-presentation (0.1.0)
      activesupport (>= 3.2.18)
      faraday (~> 0.9.0)
      json
    iso-639 (0.2.8)
    jbuilder (2.6.1)
      activesupport (>= 3.0.0, < 5.1)
      multi_json (~> 1.2)
    jquery-rails (4.2.1)
      rails-dom-testing (>= 1, < 3)
      railties (>= 4.2.0)
      thor (>= 0.14, < 2.0)
    json (2.0.2)
    jwt (1.5.6)
    kaminari (0.17.0)
      actionpack (>= 3.0.0)
      activesupport (>= 3.0.0)
    leaflet-rails (0.7.7)
    leaflet-sidebar-rails (0.1.9)
    legato (0.7.0)
      multi_json
    listen (3.0.8)
      rb-fsevent (~> 0.9, >= 0.9.4)
      rb-inotify (~> 0.9, >= 0.9.7)
    loofah (2.0.3)
      nokogiri (>= 1.5.9)
    mail (2.6.4)
      mime-types (>= 1.16, < 4)
    method_source (0.8.2)
    mime-types (3.1)
      mime-types-data (~> 3.2015)
    mime-types-data (3.2016.0521)
    mimemagic (0.3.2)
    mini_magick (4.6.0)
    mini_portile2 (2.1.0)
    minitest (5.10.1)
    mods (2.1.0)
      iso-639
      nokogiri
      nom-xml (~> 0.6.0)
    multi_json (1.12.1)
    multi_xml (0.6.0)
    multipart-post (2.0.0)
    mysql2 (0.4.5)
    net-http-persistent (2.9.4)
    net-scp (1.2.1)
      net-ssh (>= 2.6.5)
    net-ssh (3.2.0)
    newrelic_rpm (3.17.2.327)
    nio4r (1.2.1)
    nokogiri (1.6.8.1)
      mini_portile2 (~> 2.1.0)
    nom-xml (0.6.0)
      activesupport (>= 3.2.18)
      i18n
      nokogiri
    oauth2 (1.2.0)
      faraday (>= 0.8, < 0.10)
      jwt (~> 1.0)
      multi_json (~> 1.3)
      multi_xml (~> 0.5)
      rack (>= 1.2, < 3)
    okcomputer (1.13.0)
    openseadragon (0.3.2)
      rails (> 3.2.0)
    orm_adapter (0.5.0)
    paper_trail (5.2.3)
      activerecord (>= 3.0, < 6.0)
      request_store (~> 1.1)
    parallel (1.10.0)
    parser (2.3.3.1)
      ast (~> 2.2)
    parslet (1.7.1)
      blankslate (>= 2.0, <= 4.0)
    powerpack (0.1.1)
    public_suffix (2.0.4)
    puma (3.6.2)
    rack (2.0.1)
    rack-accept (0.4.5)
      rack (>= 0.4)
    rack-dev-mark (0.7.5)
      rack (>= 1.1)
    rack-protection (1.5.3)
      rack
    rack-test (0.6.3)
      rack (>= 1.0)
    rack-timeout (0.4.2)
    rails (5.0.0.1)
      actioncable (= 5.0.0.1)
      actionmailer (= 5.0.0.1)
      actionpack (= 5.0.0.1)
      actionview (= 5.0.0.1)
      activejob (= 5.0.0.1)
      activemodel (= 5.0.0.1)
      activerecord (= 5.0.0.1)
      activesupport (= 5.0.0.1)
      bundler (>= 1.3.0, < 2.0)
      railties (= 5.0.0.1)
      sprockets-rails (>= 2.0.0)
    rails-controller-testing (1.0.1)
      actionpack (~> 5.x)
      actionview (~> 5.x)
      activesupport (~> 5.x)
    rails-dom-testing (2.0.1)
      activesupport (>= 4.2.0, < 6.0)
      nokogiri (~> 1.6.0)
    rails-html-sanitizer (1.0.3)
      loofah (~> 2.0)
    railties (5.0.0.1)
      actionpack (= 5.0.0.1)
      activesupport (= 5.0.0.1)
      method_source
      rake (>= 0.8.7)
      thor (>= 0.18.1, < 2.0)
    rainbow (2.1.0)
    rake (12.0.0)
    rb-fsevent (0.9.8)
    rb-inotify (0.9.7)
      ffi (>= 0.5.0)
    redcarpet (3.3.4)
    redis (3.3.2)
    representable (2.3.0)
      uber (~> 0.0.7)
    request_store (1.3.1)
    responders (2.3.0)
      railties (>= 4.2.0, < 5.1)
    retries (0.0.5)
    riiif (0.4.1)
      rails (> 3.2.0)
    roar (1.0.4)
      representable (>= 2.0.1, < 2.4.0)
    roar-rails (1.0.1)
      actionpack
      railties (>= 3.0.0)
      responders
      roar (>= 1.0.0, <= 1.1.0)
      test_xml (>= 0.1.6)
      uber (>= 0.0.5)
    rsolr (1.1.2)
      builder (>= 2.1.2)
    rspec-core (3.5.4)
      rspec-support (~> 3.5.0)
    rspec-expectations (3.5.0)
      diff-lcs (>= 1.2.0, < 2.0)
      rspec-support (~> 3.5.0)
    rspec-mocks (3.5.0)
      diff-lcs (>= 1.2.0, < 2.0)
      rspec-support (~> 3.5.0)
    rspec-rails (3.5.2)
      actionpack (>= 3.0)
      activesupport (>= 3.0)
      railties (>= 3.0)
      rspec-core (~> 3.5.0)
      rspec-expectations (~> 3.5.0)
      rspec-mocks (~> 3.5.0)
      rspec-support (~> 3.5.0)
    rspec-support (3.5.0)
    rubocop (0.46.0)
      parser (>= 2.3.1.1, < 3.0)
      powerpack (~> 0.1)
      rainbow (>= 1.99.1, < 3.0)
      ruby-progressbar (~> 1.7)
      unicode-display_width (~> 1.0, >= 1.0.1)
    rubocop-rspec (1.8.0)
      rubocop (>= 0.42.0)
    ruby-oembed (0.10.1)
    ruby-progressbar (1.8.1)
    rubyzip (1.2.0)
    safely_block (0.1.1)
      errbase
    sass (3.4.22)
    sass-rails (5.0.6)
      railties (>= 4.0.0, < 6)
      sass (~> 3.1)
      sprockets (>= 2.8, < 4.0)
      sprockets-rails (>= 2.0, < 4.0)
      tilt (>= 1.1, < 3)
    sidekiq (4.2.7)
      concurrent-ruby (~> 1.0)
      connection_pool (~> 2.2, >= 2.2.0)
      rack-protection (>= 1.5.0)
      redis (~> 3.2, >= 3.2.1)
    sidekiq-statistic (1.2.0)
      sidekiq (>= 3.3.4, < 5)
    signet (0.7.3)
      addressable (~> 2.3)
      faraday (~> 0.9)
      jwt (~> 1.5)
      multi_json (~> 1.10)
    simplecov (0.12.0)
      docile (~> 1.1.0)
      json (>= 1.8, < 3)
      simplecov-html (~> 0.10.0)
    simplecov-html (0.10.0)
    sir_trevor_rails (0.5.1)
      multi_json (~> 1.0)
      rails (>= 3, < 6)
      redcarpet (>= 2.0.1, < 4)
      twitter-text (~> 1.4)
    sitemap_generator (5.2.0)
      builder (~> 3.0)
    slowpoke (0.1.3)
      rack-timeout (>= 0.3.0)
      rails
      safely_block
    solr_wrapper (0.19.0)
      faraday
      ruby-progressbar
      rubyzip
    solrizer (3.4.0)
      activesupport
      daemons
      nokogiri
      stomp
      xml-simple
    spotlight-resources-iiif (0.2.0)
      blacklight-spotlight (~> 0.26)
      faraday
      iiif-presentation
    spring (2.0.0)
      activesupport (>= 4.2)
    spring-watcher-listen (2.0.1)
      listen (>= 2.7, < 4.0)
      spring (>= 1.2, < 3.0)
    sprockets (3.7.0)
      concurrent-ruby (~> 1.0)
      rack (> 1, < 3)
    sprockets-es6 (0.9.2)
      babel-source (>= 5.8.11)
      babel-transpiler
      sprockets (>= 3.0.0)
    sprockets-rails (3.2.0)
      actionpack (>= 4.0)
      activesupport (>= 4.0)
      sprockets (>= 3.0.0)
    sqlite3 (1.3.12)
    sshkit (1.11.4)
      net-scp (>= 1.1.2)
      net-ssh (>= 2.8.0)
    stanford-mods (2.3.1)
      activesupport
      mods (~> 2.0, >= 2.0.2)
    stomp (1.4.3)
    sul_styles (0.6.1)
      rails (>= 4.1, < 6)
    term-ansicolor (1.4.0)
      tins (~> 1.0)
    test_xml (0.1.8)
      diffy (~> 3.0)
      nokogiri (>= 1.3.2)
    thor (0.19.4)
    thread_safe (0.3.5)
    tilt (2.0.5)
    tins (1.13.0)
    tophat (2.3.0)
      actionpack (>= 3.0.0)
    trollop (2.1.2)
    turbolinks (5.0.1)
      turbolinks-source (~> 5)
    turbolinks-source (5.0.0)
    turnout (2.4.0)
      i18n (~> 0.7)
      rack (>= 1.3, < 3)
      rack-accept (~> 0.4)
      tilt (>= 1.4, < 3)
    twitter-text (1.14.2)
      unf (~> 0.1.0)
    twitter-typeahead-rails (0.11.1.pre.corejavascript)
      actionpack (>= 3.1)
      jquery-rails
      railties (>= 3.1)
    tzinfo (1.2.2)
      thread_safe (~> 0.1)
    uber (0.0.15)
    uglifier (3.0.4)
      execjs (>= 0.3.0, < 3)
    underscore-rails (1.8.3)
    unf (0.1.4)
      unf_ext
    unf_ext (0.0.7.2)
    unicode-display_width (1.1.2)
    warden (1.2.6)
      rack (>= 1.0)
    web-console (3.4.0)
      actionview (>= 5.0)
      activemodel (>= 5.0)
      debug_inspector
      railties (>= 5.0)
    websocket-driver (0.6.4)
      websocket-extensions (>= 0.1.0)
    websocket-extensions (0.1.2)
    whenever (0.9.7)
      chronic (>= 0.6.3)
    xml-simple (1.1.5)
    xpath (2.0.0)
      nokogiri (~> 1.3)

PLATFORMS
  ruby

DEPENDENCIES
  blacklight (~> 6.3)
  blacklight-gallery (~> 0.3)
  blacklight-spotlight!
  blacklight_advanced_search
  blacklight_heatmaps
  bootstrap-sass (~> 3.3.5)
  byebug
  capistrano (~> 3.0)
  capistrano-bundler
  capistrano-passenger
  capistrano-rails
  capistrano-shared_configs
  capistrano-sidekiq
  capybara
  coffee-rails (~> 4.2, >= 4.2.1)
  config
  coveralls
  database_cleaner
  devise
  devise-guests (~> 0.3)
  devise-remote-user
  devise_invitable
  dlss-capistrano
  dotenv
  factory_girl_rails
  faraday
  friendly_id (~> 5.2.0)
  gdor-indexer (~> 0.6)
  harvestdor-indexer (~> 2.4)
  honeybadger (~> 2.0)
  jbuilder (~> 2.5)
  jquery-rails
  listen (~> 3.0.5)
  mysql2 (~> 0.4.4)
  net-http-persistent (< 3)
  newrelic_rpm
  okcomputer
  puma (~> 3.0)
  rack-dev-mark
  rails (~> 5.0.0, >= 5.0.0.1)
  rails-controller-testing
  riiif (~> 0.4.0)
  rsolr
  rspec-rails
  rubocop
  rubocop-rspec
  ruby-oembed
  sass-rails (~> 5.0)
  sidekiq
  sidekiq-statistic
  sir_trevor_rails
  sitemap_generator
  slowpoke
  solr_wrapper
  solrizer
  spotlight-resources-iiif
  spring
  spring-watcher-listen (~> 2.0.0)
  sqlite3
  stanford-mods (~> 2.2, >= 2.2.1)
  sul_styles
  turbolinks (~> 5)
  turnout
  tzinfo-data
  uglifier (>= 2.7.2)
  web-console
  whenever

BUNDLED WITH
   1.13.6
