GEM
  remote: https://rubygems.org/
  remote: https://gems.contribsys.com/
  specs:
    actioncable (5.2.3)
      actionpack (= 5.2.3)
      nio4r (~> 2.0)
      websocket-driver (>= 0.6.1)
    actionmailer (5.2.3)
      actionpack (= 5.2.3)
      actionview (= 5.2.3)
      activejob (= 5.2.3)
      mail (~> 2.5, >= 2.5.4)
      rails-dom-testing (~> 2.0)
    actionpack (5.2.3)
      actionview (= 5.2.3)
      activesupport (= 5.2.3)
      rack (~> 2.0)
      rack-test (>= 0.6.3)
      rails-dom-testing (~> 2.0)
      rails-html-sanitizer (~> 1.0, >= 1.0.2)
    actionview (5.2.3)
      activesupport (= 5.2.3)
      builder (~> 3.1)
      erubi (~> 1.4)
      rails-dom-testing (~> 2.0)
      rails-html-sanitizer (~> 1.0, >= 1.0.3)
    activejob (5.2.3)
      activesupport (= 5.2.3)
      globalid (>= 0.3.6)
    activemodel (5.2.3)
      activesupport (= 5.2.3)
    activerecord (5.2.3)
      activemodel (= 5.2.3)
      activesupport (= 5.2.3)
      arel (>= 9.0)
    activestorage (5.2.3)
      actionpack (= 5.2.3)
      activerecord (= 5.2.3)
      marcel (~> 0.3.1)
    activesupport (5.2.3)
      concurrent-ruby (~> 1.0, >= 1.0.2)
      i18n (>= 0.7, < 2)
      minitest (~> 5.1)
      tzinfo (~> 1.1)
    acts-as-taggable-on (6.0.0)
      activerecord (~> 5.0)
    addressable (2.6.0)
      public_suffix (>= 2.0.2, < 4.0)
    airbrussh (1.3.2)
      sshkit (>= 1.6.1, != 1.7.0)
    almond-rails (0.1.0)
      rails (>= 4.2, < 6)
    arel (9.0.0)
    ast (2.4.0)
    autoprefixer-rails (9.6.1)
      execjs
    babel-source (5.8.35)
    babel-transpiler (0.7.0)
      babel-source (>= 4.0, < 6)
      execjs (~> 2.0)
    bcrypt (3.1.13)
    bibtex-ruby (5.0.0)
      latex-decode (~> 0.0)
    bindex (0.8.1)
    blacklight (6.20.0)
      bootstrap-sass (~> 3.2)
      deprecation
      globalid
      jbuilder (~> 2.7)
      kaminari (>= 0.15)
      nokogiri (~> 1.6)
      rails (>= 4.2, < 6)
      rsolr (>= 1.0.6, < 3)
      twitter-typeahead-rails (= 0.11.1.pre.corejavascript)
    blacklight-gallery (0.11.0)
      blacklight (~> 6.3)
      bootstrap-sass (~> 3.0)
      openseadragon (>= 0.2.0)
      rails
    blacklight-oembed (0.3.0)
      blacklight (>= 5.0, < 7)
      bootstrap-sass (~> 3.0)
      rails
      ruby-oembed
    blacklight-spotlight (2.7.2)
      acts-as-taggable-on (>= 5.0, < 7)
      almond-rails (~> 0.1)
      autoprefixer-rails
      blacklight (~> 6.20)
      blacklight-oembed (>= 0.0.3)
      bootstrap_form (~> 2.2)
      breadcrumbs_on_rails (~> 3.0)
      cancancan
      carrierwave
      clipboard-rails (~> 1.5)
      devise (>= 3.0)
      devise_invitable (~> 1.6)
      faraday
      faraday_middleware
      friendly_id (~> 5.2)
      github-markup
      i18n
      i18n-active_record
      iiif-presentation
      iiif_manifest
      leaflet-rails
      legato
      mini_magick
      nokogiri
      oauth2
      openseadragon
      paper_trail (~> 10.0)
      rails (~> 5.1)
      riiif (~> 2.0)
      roar (~> 1.1)
      roar-rails
      signet
      sir_trevor_rails (~> 0.5)
      sprockets-es6
      tophat
      underscore-rails (~> 1.6)
    blacklight_advanced_search (6.4.1)
      blacklight (~> 6.0, >= 6.0.1)
      parslet
    blacklight_heatmaps (0.5.0)
      blacklight (~> 6.0)
      leaflet-rails (~> 1.2.0)
      leaflet-sidebar-rails (~> 0.2)
      rails (>= 4.2.6, < 6)
    blacklight_range_limit (6.3.3)
      blacklight (>= 6.0.2)
      jquery-rails
      rails (>= 3.0)
    bootsnap (1.4.4)
      msgpack (~> 1.0)
    bootstrap-sass (3.4.1)
      autoprefixer-rails (>= 5.2.1)
      sassc (>= 2.0.0)
    bootstrap_form (2.7.0)
    breadcrumbs_on_rails (3.0.1)
    builder (3.2.3)
    bundler-audit (0.6.1)
      bundler (>= 1.2.0, < 3)
      thor (~> 0.18)
    byebug (11.0.1)
    cancancan (3.0.1)
    capistrano (3.11.0)
      airbrussh (>= 1.0.0)
      i18n
      rake (>= 10.0.0)
      sshkit (>= 1.9.0)
    capistrano-bundle_audit (0.2.2)
      bundler-audit (~> 0.5)
      capistrano (~> 3.0)
      capistrano-bundler (~> 1.4)
    capistrano-bundler (1.6.0)
      capistrano (~> 3.1)
    capistrano-one_time_key (0.1.0)
      capistrano (~> 3.0)
    capistrano-passenger (0.2.0)
      capistrano (~> 3.0)
    capistrano-rails (1.4.0)
      capistrano (~> 3.1)
      capistrano-bundler (~> 1.1)
    capistrano-shared_configs (0.2.2)
    capistrano-sidekiq (1.0.2)
      capistrano (>= 3.9.0)
      sidekiq (>= 3.4)
    capybara (3.28.0)
      addressable
      mini_mime (>= 0.1.3)
      nokogiri (~> 1.8)
      rack (>= 1.6.0)
      rack-test (>= 0.6.3)
      regexp_parser (~> 1.5)
      xpath (~> 3.2)
    carrierwave (1.3.1)
      activemodel (>= 4.0.0)
      activesupport (>= 4.0.0)
      mime-types (>= 1.16)
    childprocess (1.0.1)
      rake (< 13.0)
    citeproc (1.0.9)
      namae (~> 1.0)
    citeproc-ruby (1.1.10)
      citeproc (~> 1.0, >= 1.0.9)
      csl (~> 1.5)
    clipboard-rails (1.7.1)
    concurrent-ruby (1.1.5)
    config (2.0.0)
      activesupport (>= 4.2)
      deep_merge (~> 1.2, >= 1.2.1)
      dry-schema (~> 1.0)
    confstruct (1.0.2)
      hashie (~> 3.3)
    connection_pool (2.2.2)
    crack (0.4.3)
      safe_yaml (~> 1.0.0)
    crass (1.0.4)
    csl (1.5.0)
      namae (~> 1.0)
    csl-styles (1.0.1.9)
      csl (~> 1.0)
    database_cleaner (1.7.0)
    declarative (0.0.10)
    declarative-option (0.1.0)
    deep_merge (1.2.1)
    deprecation (1.0.0)
      activesupport
    devise (4.6.2)
      bcrypt (~> 3.0)
      orm_adapter (~> 0.1)
      railties (>= 4.1.0, < 6.0)
      responders
      warden (~> 1.2.3)
    devise-guests (0.7.0)
      devise
    devise-remote-user (1.0.0)
      devise
    devise_invitable (1.7.5)
      actionmailer (>= 4.1.0)
      devise (>= 4.0.0)
    diff-lcs (1.3)
    diffy (3.3.0)
    dlss-capistrano (3.5.0)
      capistrano (~> 3.0)
      capistrano-bundle_audit (>= 0.1.0)
      capistrano-one_time_key
      capistrano-shared_configs
    docile (1.3.2)
    domain_name (0.5.20190701)
      unf (>= 0.0.5, < 1.0.0)
    dor-fetcher (1.0.5)
    dot-properties (0.1.3)
    dotenv (2.7.5)
    dry-configurable (0.8.3)
      concurrent-ruby (~> 1.0)
      dry-core (~> 0.4, >= 0.4.7)
    dry-container (0.7.2)
      concurrent-ruby (~> 1.0)
      dry-configurable (~> 0.1, >= 0.1.3)
    dry-core (0.4.9)
      concurrent-ruby (~> 1.0)
    dry-equalizer (0.2.2)
    dry-inflector (0.1.2)
    dry-initializer (3.0.1)
    dry-logic (1.0.3)
      concurrent-ruby (~> 1.0)
      dry-core (~> 0.2)
      dry-equalizer (~> 0.2)
    dry-schema (1.3.2)
      concurrent-ruby (~> 1.0)
      dry-configurable (~> 0.8, >= 0.8.3)
      dry-core (~> 0.4)
      dry-equalizer (~> 0.2)
      dry-initializer (~> 3.0)
      dry-logic (~> 1.0)
      dry-types (~> 1.0)
    dry-types (1.1.1)
      concurrent-ruby (~> 1.0)
      dry-container (~> 0.3)
      dry-core (~> 0.4, >= 0.4.4)
      dry-equalizer (~> 0.2, >= 0.2.2)
      dry-inflector (~> 0.1, >= 0.1.2)
      dry-logic (~> 1.0, >= 1.0.2)
    edtf (3.0.4)
      activesupport (>= 3.0, < 6.0)
    erubi (1.8.0)
    execjs (2.7.0)
    factory_bot (5.0.2)
      activesupport (>= 4.2.0)
    factory_bot_rails (5.0.2)
      factory_bot (~> 5.0.2)
      railties (>= 4.2.0)
    faraday (0.15.4)
      multipart-post (>= 1.2, < 3)
    faraday_middleware (0.13.1)
      faraday (>= 0.7.4, < 1.0)
    ffi (1.11.1)
    file_validators (2.3.0)
      activemodel (>= 3.2)
      mime-types (>= 1.0)
    font-awesome-rails (4.7.0.5)
      railties (>= 3.2, < 6.1)
    friendly_id (5.2.5)
      activerecord (>= 4.0.0)
    github-markup (3.0.4)
    gli (2.18.2)
    globalid (0.4.2)
      activesupport (>= 4.2.0)
    harvestdor (0.3.1)
      confstruct
      faraday
      net-http-persistent
      nokogiri
    harvestdor-indexer (2.5.0)
      activesupport
      confstruct
      dor-fetcher (= 1.0.5)
      faraday
      harvestdor (>= 0.0.14)
      parallel
      retries
      rsolr
      stanford-mods
    hashdiff (1.0.0)
    hashie (3.6.0)
    honeybadger (4.5.0)
    http (3.3.0)
      addressable (~> 2.3)
      http-cookie (~> 1.0)
      http-form_data (~> 2.0)
      http_parser.rb (~> 0.6.0)
    http-cookie (1.0.3)
      domain_name (~> 0.5)
    http-form_data (2.1.1)
    http_parser.rb (0.6.0)
    httpclient (2.8.3)
    i18n (1.6.0)
      concurrent-ruby (~> 1.0)
    i18n-active_record (0.2.2)
      i18n (>= 0.5.0)
    iiif-image-api (0.1.0)
      activesupport (<= 6)
    iiif-presentation (0.2.0)
      activesupport (>= 3.2.18)
      faraday (>= 0.9)
      json
    iiif_manifest (0.6.0)
      activesupport (>= 4)
    iso-639 (0.2.8)
    jaro_winkler (1.5.3)
    jbuilder (2.9.1)
      activesupport (>= 4.2.0)
    jquery-rails (4.3.5)
      rails-dom-testing (>= 1, < 3)
      railties (>= 4.2.0)
      thor (>= 0.14, < 2.0)
    json (2.2.0)
    jsonpath (1.0.4)
      multi_json
      to_regexp (~> 0.2.1)
    jwt (2.2.1)
    kaminari (1.1.1)
      activesupport (>= 4.1.0)
      kaminari-actionview (= 1.1.1)
      kaminari-activerecord (= 1.1.1)
      kaminari-core (= 1.1.1)
    kaminari-actionview (1.1.1)
      actionview
      kaminari-core (= 1.1.1)
    kaminari-activerecord (1.1.1)
      activerecord
      kaminari-core (= 1.1.1)
    kaminari-core (1.1.1)
    latex-decode (0.3.1)
    launchy (2.4.3)
      addressable (~> 2.3)
    leaflet-rails (1.2.0)
      rails (>= 4.2.0)
    leaflet-sidebar-rails (0.2.0)
    legato (0.7.0)
      multi_json
    letter_opener (1.7.0)
      launchy (~> 2.2)
    listen (3.1.5)
      rb-fsevent (~> 0.9, >= 0.9.4)
      rb-inotify (~> 0.9, >= 0.9.7)
      ruby_dep (~> 1.2)
    loofah (2.2.3)
      crass (~> 1.0.2)
      nokogiri (>= 1.5.9)
    mail (2.7.1)
      mini_mime (>= 0.1.1)
    marc (1.0.4)
      scrub_rb (>= 1.0.1, < 2)
      unf
    marc-fastxmlwriter (1.0.0)
      marc (~> 1.0)
    marcel (0.3.3)
      mimemagic (~> 0.3.2)
    material_icons (2.2.1)
      railties (>= 3.2)
    method_source (0.9.2)
    mime-types (3.2.2)
      mime-types-data (~> 3.2015)
    mime-types-data (3.2019.0331)
    mimemagic (0.3.3)
    mini_magick (4.9.5)
    mini_mime (1.0.2)
    mini_portile2 (2.4.0)
    minitest (5.11.3)
    mirador_rails (0.8.0)
      font-awesome-rails
      jquery-rails
      material_icons
      openseadragon
      tinymce-rails
    mods (2.4.1)
      edtf
      iso-639
      nokogiri (>= 1.6.6)
      nom-xml (~> 1.0)
    mods_display (0.7.0)
      i18n
      stanford-mods (~> 2.1)
    msgpack (1.3.1)
    multi_json (1.13.1)
    multi_xml (0.6.0)
    multipart-post (2.1.1)
    mysql2 (0.5.2)
    namae (1.0.1)
    net-http-persistent (2.9.4)
    net-scp (2.0.0)
      net-ssh (>= 2.6.5, < 6.0.0)
    net-ssh (5.2.0)
    newrelic_rpm (6.5.0.357)
    nio4r (2.4.0)
    nokogiri (1.10.4)
      mini_portile2 (~> 2.4.0)
    nom-xml (1.1.0)
      activesupport (>= 3.2.18)
      i18n
      nokogiri
    oauth2 (1.4.1)
      faraday (>= 0.8, < 0.16.0)
      jwt (>= 1.0, < 3.0)
      multi_json (~> 1.3)
      multi_xml (~> 0.5)
      rack (>= 1.2, < 3)
    okcomputer (1.17.4)
    openseadragon (0.5.0)
      rails (> 3.2.0)
    orm_adapter (0.5.0)
    paper_trail (10.3.1)
      activerecord (>= 4.2)
      request_store (~> 1.1)
    parallel (1.17.0)
    parser (2.6.3.0)
      ast (~> 2.4.0)
    parslet (1.8.2)
    public_suffix (3.1.1)
    puma (3.12.1)
    rack (2.0.7)
    rack-accept (0.4.5)
      rack (>= 0.4)
    rack-protection (2.0.5)
      rack
    rack-test (1.1.0)
      rack (>= 1.0, < 3)
    rack-timeout (0.5.1)
    rails (5.2.3)
      actioncable (= 5.2.3)
      actionmailer (= 5.2.3)
      actionpack (= 5.2.3)
      actionview (= 5.2.3)
      activejob (= 5.2.3)
      activemodel (= 5.2.3)
      activerecord (= 5.2.3)
      activestorage (= 5.2.3)
      activesupport (= 5.2.3)
      bundler (>= 1.3.0)
      railties (= 5.2.3)
      sprockets-rails (>= 2.0.0)
    rails-controller-testing (1.0.4)
      actionpack (>= 5.0.1.x)
      actionview (>= 5.0.1.x)
      activesupport (>= 5.0.1.x)
    rails-dom-testing (2.0.3)
      activesupport (>= 4.2.0)
      nokogiri (>= 1.6)
    rails-html-sanitizer (1.2.0)
      loofah (~> 2.2, >= 2.2.2)
    railties (5.2.3)
      actionpack (= 5.2.3)
      activesupport (= 5.2.3)
      method_source
      rake (>= 0.8.7)
      thor (>= 0.19.0, < 2.0)
    rainbow (3.0.0)
    rake (12.3.3)
    rb-fsevent (0.10.3)
    rb-inotify (0.10.0)
      ffi (~> 1.0)
    redcarpet (3.5.0)
    redis (4.1.2)
    regexp_parser (1.6.0)
    representable (3.0.4)
      declarative (< 0.1.0)
      declarative-option (< 0.2.0)
      uber (< 0.2.0)
    request_store (1.4.1)
      rack (>= 1.4)
    responders (3.0.0)
      actionpack (>= 5.0)
      railties (>= 5.0)
    retriable (3.1.2)
    retries (0.0.5)
    riiif (2.1.0)
      deprecation (>= 1.0.0)
      iiif-image-api (~> 0.1.0)
      railties (>= 4.2, < 6)
    roar (1.1.0)
      representable (~> 3.0.0)
    roar-rails (1.1.0)
      actionpack
      railties (>= 3.0.0)
      responders
      roar (~> 1.1.0)
      test_xml (>= 0.1.6)
      uber (< 0.2.0)
    rsolr (2.2.1)
      builder (>= 2.1.2)
      faraday (>= 0.9.0)
    rspec-core (3.8.2)
      rspec-support (~> 3.8.0)
    rspec-expectations (3.8.4)
      diff-lcs (>= 1.2.0, < 2.0)
      rspec-support (~> 3.8.0)
    rspec-mocks (3.8.1)
      diff-lcs (>= 1.2.0, < 2.0)
      rspec-support (~> 3.8.0)
    rspec-rails (3.8.2)
      actionpack (>= 3.0)
      activesupport (>= 3.0)
      railties (>= 3.0)
      rspec-core (~> 3.8.0)
      rspec-expectations (~> 3.8.0)
      rspec-mocks (~> 3.8.0)
      rspec-support (~> 3.8.0)
    rspec-support (3.8.2)
    rubocop (0.74.0)
      jaro_winkler (~> 1.5.1)
      parallel (~> 1.10)
      parser (>= 2.6)
      rainbow (>= 2.2.2, < 4.0)
      ruby-progressbar (~> 1.7)
      unicode-display_width (>= 1.4.0, < 1.7)
    rubocop-performance (1.4.1)
      rubocop (>= 0.71.0)
    rubocop-rails (2.2.1)
      rack (>= 1.1)
      rubocop (>= 0.72.0)
    rubocop-rspec (1.35.0)
      rubocop (>= 0.60.0)
    ruby-oembed (0.12.0)
    ruby-progressbar (1.10.1)
    ruby_dep (1.5.0)
    rubyzip (1.2.3)
    safe_yaml (1.0.5)
    sass (3.7.4)
      sass-listen (~> 4.0.0)
    sass-listen (4.0.0)
      rb-fsevent (~> 0.9, >= 0.9.4)
      rb-inotify (~> 0.9, >= 0.9.7)
    sass-rails (5.0.7)
      railties (>= 4.0.0, < 6)
      sass (~> 3.1)
      sprockets (>= 2.8, < 4.0)
      sprockets-rails (>= 2.0, < 4.0)
      tilt (>= 1.1, < 3)
    sassc (2.0.1)
      ffi (~> 1.9)
      rake
    scrub_rb (1.0.1)
    selenium-webdriver (3.142.3)
      childprocess (>= 0.5, < 2.0)
      rubyzip (~> 1.2, >= 1.2.2)
    sidekiq (5.2.7)
      connection_pool (~> 2.2, >= 2.2.2)
      rack (>= 1.5.0)
      rack-protection (>= 1.5.0)
      redis (>= 3.3.5, < 5)
    sidekiq-pro (4.0.5)
      concurrent-ruby (>= 1.0.5)
      sidekiq (>= 5.2.1)
    signet (0.11.0)
      addressable (~> 2.3)
      faraday (~> 0.9)
      jwt (>= 1.5, < 3.0)
      multi_json (~> 1.10)
    simplecov (0.17.0)
      docile (~> 1.1)
      json (>= 1.8, < 3)
      simplecov-html (~> 0.10.0)
    simplecov-html (0.10.2)
    sir_trevor_rails (0.5.1)
      multi_json (~> 1.0)
      rails (>= 3, < 6)
      redcarpet (>= 2.0.1, < 4)
      twitter-text (~> 1.4)
    sitemap_generator (6.0.2)
      builder (~> 3.0)
    slack-ruby-client (0.14.4)
      activesupport
      faraday (>= 0.9)
      faraday_middleware
      gli
      hashie
      websocket-driver
    slop (3.6.0)
    slowpoke (0.3.0)
      actionpack
      rack-timeout (>= 0.4.0)
      railties (>= 5)
    solr_wrapper (2.1.0)
      faraday
      retriable
      ruby-progressbar
      rubyzip
    solrizer (4.1.0)
      activesupport
      nokogiri
      xml-simple
    spring (2.1.0)
    spring-watcher-listen (2.0.1)
      listen (>= 2.7, < 4.0)
      spring (>= 1.2, < 3.0)
    sprockets (3.7.2)
      concurrent-ruby (~> 1.0)
      rack (> 1, < 3)
    sprockets-es6 (0.9.2)
      babel-source (>= 5.8.11)
      babel-transpiler
      sprockets (>= 3.0.0)
    sprockets-rails (3.2.1)
      actionpack (>= 4.0)
      activesupport (>= 4.0)
      sprockets (>= 3.0.0)
    sqlite3 (1.4.1)
    sshkit (1.20.0)
      net-scp (>= 1.1.2)
      net-ssh (>= 2.8.0)
    stanford-mods (2.6.1)
      activesupport
      mods (~> 2.2)
    sul_styles (0.6.1)
      rails (>= 4.1, < 6)
    test_xml (0.1.8)
      diffy (~> 3.0)
      nokogiri (>= 1.3.2)
    thor (0.20.3)
    thread_safe (0.3.6)
    tilt (2.0.9)
    tinymce-rails (5.0.13)
      railties (>= 3.1.1)
    to_regexp (0.2.1)
    tophat (2.3.1)
      actionpack (>= 3.0.0)
    traject (3.1.0)
      concurrent-ruby (>= 0.8.0)
      dot-properties (>= 0.1.1)
      hashie (~> 3.1)
      http (~> 3.0)
      httpclient (~> 2.5)
      marc (~> 1.0)
      marc-fastxmlwriter (~> 1.0)
      nokogiri (~> 1.9)
      slop (>= 3.4.5, < 4.0)
      yell
    turbolinks (5.2.0)
      turbolinks-source (~> 5.2)
    turbolinks-source (5.2.0)
    turnout (2.5.0)
      i18n (>= 0.7, < 2)
      rack (>= 1.3, < 3)
      rack-accept (~> 0.4)
      tilt (>= 1.4, < 3)
    twitter-text (1.14.7)
      unf (~> 0.1.0)
    twitter-typeahead-rails (0.11.1.pre.corejavascript)
      actionpack (>= 3.1)
      jquery-rails
      railties (>= 3.1)
    tzinfo (1.2.5)
      thread_safe (~> 0.1)
    uber (0.1.0)
    uglifier (4.1.20)
      execjs (>= 0.3.0, < 3)
    underscore-rails (1.8.3)
    unf (0.1.4)
      unf_ext
    unf_ext (0.0.7.6)
    unicode-display_width (1.6.0)
    warden (1.2.8)
      rack (>= 2.0.6)
    web-console (3.7.0)
      actionview (>= 5.0)
      activemodel (>= 5.0)
      bindex (>= 0.4.0)
      railties (>= 5.0)
    webdrivers (4.1.2)
      nokogiri (~> 1.6)
      rubyzip (~> 1.0)
      selenium-webdriver (>= 3.0, < 4.0)
    webmock (3.6.2)
      addressable (>= 2.3.6)
      crack (>= 0.3.2)
      hashdiff (>= 0.4.0, < 2.0.0)
    websocket-driver (0.7.1)
      websocket-extensions (>= 0.1.0)
    websocket-extensions (0.1.4)
    xml-simple (1.1.5)
    xpath (3.2.0)
      nokogiri (~> 1.8)
    yell (2.2.0)

PLATFORMS
  ruby

DEPENDENCIES
  acts-as-taggable-on
  bibtex-ruby
  blacklight (~> 6.3)
  blacklight-gallery (~> 0.3)
  blacklight-oembed (~> 0.2)
  blacklight-spotlight (~> 2.0)
  blacklight_advanced_search
  blacklight_heatmaps
  blacklight_range_limit (~> 6.0)
  bootsnap (>= 1.1.0)
  bootstrap-sass
  byebug
  capistrano (~> 3.0)
  capistrano-bundler
  capistrano-passenger
  capistrano-rails
  capistrano-shared_configs
  capistrano-sidekiq
  capybara
  citeproc-ruby
  config
  csl-styles
  database_cleaner
  devise
  devise-guests (~> 0.3)
  devise-remote-user
  devise_invitable
  dlss-capistrano
  dotenv
  factory_bot_rails
  faraday
  file_validators
  friendly_id (~> 5.2.0)
  harvestdor-indexer (~> 2.4)
  honeybadger
  jbuilder (~> 2.5)
  jquery-rails
  jsonpath
  letter_opener
  listen (>= 3.0.5, < 3.2)
  mirador_rails
  mods_display
  mysql2 (~> 0.5)
  net-http-persistent (< 3)
  newrelic_rpm
  nokogiri (>= 1.7.1)
  oauth2 (~> 1.4)
  okcomputer
  puma (~> 3.7)
  rails (~> 5.2.0)
  rails-controller-testing
  riiif
  rsolr
  rspec-rails
  rubocop
  rubocop-performance
  rubocop-rails
  rubocop-rspec
  ruby-oembed
  sass-rails (~> 5.0)
  selenium-webdriver (!= 3.13.0)
  sidekiq
  sidekiq-pro!
  simplecov
  sir_trevor_rails
  sitemap_generator
  slack-ruby-client
  slowpoke
  solr_wrapper
  solrizer
  spring
  spring-watcher-listen (~> 2.0.0)
  sqlite3
  stanford-mods (~> 2.2, >= 2.2.1)
  sul_styles
  traject
  turbolinks (~> 5)
  turnout
  tzinfo-data
  uglifier (>= 2.7.2)
  web-console (>= 3.3.0)
  webdrivers
  webmock

BUNDLED WITH
   1.17.3
