GEM
  remote: https://gems.contribsys.com/
  specs:
    sidekiq-pro (7.0.6)
      sidekiq (>= 7.0.0, < 8)

GEM
  remote: https://rubygems.org/
  specs:
    actioncable (7.0.4.1)
      actionpack (= 7.0.4.1)
      activesupport (= 7.0.4.1)
      nio4r (~> 2.0)
      websocket-driver (>= 0.6.1)
    actionmailbox (7.0.4.1)
      actionpack (= 7.0.4.1)
      activejob (= 7.0.4.1)
      activerecord (= 7.0.4.1)
      activestorage (= 7.0.4.1)
      activesupport (= 7.0.4.1)
      mail (>= 2.7.1)
      net-imap
      net-pop
      net-smtp
    actionmailer (7.0.4.1)
      actionpack (= 7.0.4.1)
      actionview (= 7.0.4.1)
      activejob (= 7.0.4.1)
      activesupport (= 7.0.4.1)
      mail (~> 2.5, >= 2.5.4)
      net-imap
      net-pop
      net-smtp
      rails-dom-testing (~> 2.0)
    actionpack (7.0.4.1)
      actionview (= 7.0.4.1)
      activesupport (= 7.0.4.1)
      rack (~> 2.0, >= 2.2.0)
      rack-test (>= 0.6.3)
      rails-dom-testing (~> 2.0)
      rails-html-sanitizer (~> 1.0, >= 1.2.0)
    actiontext (7.0.4.1)
      actionpack (= 7.0.4.1)
      activerecord (= 7.0.4.1)
      activestorage (= 7.0.4.1)
      activesupport (= 7.0.4.1)
      globalid (>= 0.6.0)
      nokogiri (>= 1.8.5)
    actionview (7.0.4.1)
      activesupport (= 7.0.4.1)
      builder (~> 3.1)
      erubi (~> 1.4)
      rails-dom-testing (~> 2.0)
      rails-html-sanitizer (~> 1.1, >= 1.2.0)
    activejob (7.0.4.1)
      activesupport (= 7.0.4.1)
      globalid (>= 0.3.6)
    activejob-status (0.4.0)
      activejob (>= 4.2)
      activesupport (>= 4.2)
    activemodel (7.0.4.1)
      activesupport (= 7.0.4.1)
    activerecord (7.0.4.1)
      activemodel (= 7.0.4.1)
      activesupport (= 7.0.4.1)
    activestorage (7.0.4.1)
      actionpack (= 7.0.4.1)
      activejob (= 7.0.4.1)
      activerecord (= 7.0.4.1)
      activesupport (= 7.0.4.1)
      marcel (~> 1.0)
      mini_mime (>= 1.1.0)
    activesupport (7.0.4.1)
      concurrent-ruby (~> 1.0, >= 1.0.2)
      i18n (>= 1.6, < 2)
      minitest (>= 5.1)
      tzinfo (~> 2.0)
    acts-as-taggable-on (9.0.1)
      activerecord (>= 6.0, < 7.1)
    addressable (2.8.1)
      public_suffix (>= 2.0.2, < 6.0)
    airbrussh (1.4.1)
      sshkit (>= 1.6.1, != 1.7.0)
    ast (2.4.2)
    autoprefixer-rails (10.4.7.0)
      execjs (~> 2)
    babel-source (5.8.35)
    babel-transpiler (0.7.0)
      babel-source (>= 4.0, < 6)
      execjs (~> 2.0)
    bcrypt (3.1.18)
    bibtex-ruby (6.0.0)
      latex-decode (~> 0.0)
    bindex (0.8.1)
    blacklight (7.33.0)
      deprecation
      globalid
      hashdiff
      i18n (>= 1.7.0)
      jbuilder (~> 2.7)
      kaminari (>= 0.15)
      ostruct (>= 0.3.2)
      rails (>= 5.1, < 7.1)
      view_component (~> 2.66)
    blacklight-gallery (4.0.2)
      blacklight (~> 7.17)
      rails (>= 5.1, < 8)
    blacklight-oembed (1.1.1)
      blacklight (>= 7.0, < 9)
      rails
      ruby-oembed
    blacklight-spotlight (3.5.0.2)
      activejob-status
      acts-as-taggable-on (>= 5.0, < 10)
      autoprefixer-rails
      blacklight (~> 7.18)
      blacklight-gallery (>= 3.0, < 5)
      bootstrap_form (~> 4.1)
      breadcrumbs_on_rails (>= 3.0, < 5)
      cancancan
      carrierwave (~> 2.2)
      clipboard-rails (~> 1.5)
      devise (~> 4.1)
      devise_invitable
      faraday
      faraday_middleware
      friendly_id (~> 5.2, != 5.4.1, != 5.4.0)
      github-markup
      handlebars_assets
      i18n
      i18n-active_record
      iiif-presentation
      iiif_manifest
      leaflet-rails
      legato
      mini_magick
      nokogiri
      oauth2
      openseadragon
      ostruct (!= 0.3.2, != 0.3.1, != 0.3.0)
      paper_trail (>= 11.0, < 13)
      rails (>= 6.1, < 8)
      redcarpet (>= 2.0.1, < 4)
      riiif (~> 2.0)
      roar (~> 1.1)
      roar-rails
      signet
      sprockets (>= 3)
      sprockets-es6
      thor
      tophat
      underscore-rails (~> 1.6)
    blacklight_advanced_search (7.0.0)
      blacklight (~> 7.0)
      parslet
    blacklight_heatmaps (1.1.0)
      blacklight (~> 7.0)
      leaflet-rails (~> 1.2)
      leaflet-sidebar-rails (~> 0.2)
      rails (>= 6, < 8)
    blacklight_range_limit (8.2.3)
      blacklight (>= 7.25.2, < 9)
    bootsnap (1.15.0)
      msgpack (~> 1.2)
    bootstrap (4.6.2)
      autoprefixer-rails (>= 9.1.0)
      popper_js (>= 1.16.1, < 2)
      sassc-rails (>= 2.0.0)
    bootstrap_form (4.5.0)
      actionpack (>= 5.2)
      activemodel (>= 5.2)
    breadcrumbs_on_rails (4.1.0)
      railties (>= 5.0)
    builder (3.2.4)
    bundler-audit (0.9.1)
      bundler (>= 1.2.0, < 3)
      thor (~> 1.0)
    cancancan (3.4.0)
    capistrano (3.17.1)
      airbrussh (>= 1.0.0)
      i18n
      rake (>= 10.0.0)
      sshkit (>= 1.9.0)
    capistrano-bundle_audit (0.4.0)
      bundler-audit (~> 0.5)
      capistrano (~> 3.0)
      capistrano-bundler (>= 1.4)
    capistrano-bundler (2.1.0)
      capistrano (~> 3.1)
    capistrano-one_time_key (0.1.0)
      capistrano (~> 3.0)
    capistrano-passenger (0.2.1)
      capistrano (~> 3.0)
    capistrano-rails (1.6.2)
      capistrano (~> 3.1)
      capistrano-bundler (>= 1.1, < 3)
    capistrano-shared_configs (0.2.2)
    capybara (3.38.0)
      addressable
      matrix
      mini_mime (>= 0.1.3)
      nokogiri (~> 1.8)
      rack (>= 1.6.0)
      rack-test (>= 0.6.3)
      regexp_parser (>= 1.5, < 3.0)
      xpath (~> 3.2)
    carrierwave (2.2.3)
      activemodel (>= 5.0.0)
      activesupport (>= 5.0.0)
      addressable (~> 2.6)
      image_processing (~> 1.1)
      marcel (~> 1.0.0)
      mini_mime (>= 0.1.3)
      ssrf_filter (~> 1.0)
    citeproc (1.0.10)
      namae (~> 1.0)
    citeproc-ruby (2.0.0)
      citeproc (~> 1.0, >= 1.0.9)
      csl (~> 2.0)
    clipboard-rails (1.7.1)
    concurrent-ruby (1.1.10)
    config (4.1.0)
      deep_merge (~> 1.2, >= 1.2.1)
      dry-validation (~> 1.0, >= 1.0.0)
    connection_pool (2.3.0)
    crack (0.4.5)
      rexml
    crass (1.0.6)
    csl (2.0.0)
      namae (~> 1.0)
      rexml
    csl-styles (2.0.1)
      csl (~> 2.0)
    database_cleaner (2.0.1)
      database_cleaner-active_record (~> 2.0.0)
    database_cleaner-active_record (2.0.1)
      activerecord (>= 5.a)
      database_cleaner-core (~> 2.0.0)
    database_cleaner-core (2.0.1)
    date (3.3.3)
    debug (1.7.1)
      irb (>= 1.5.0)
      reline (>= 0.3.1)
    declarative (0.0.20)
    deep_merge (1.2.2)
    deprecation (1.1.0)
      activesupport
    devise (4.8.1)
      bcrypt (~> 3.0)
      orm_adapter (~> 0.1)
      railties (>= 4.1.0)
      responders
      warden (~> 1.2.3)
    devise-guests (0.8.1)
      devise
    devise-remote-user (1.1.0)
      devise
    devise_invitable (2.0.7)
      actionmailer (>= 5.0)
      devise (>= 4.6)
    diff-lcs (1.5.0)
    diffy (3.4.2)
    dlss-capistrano (4.3.1)
      capistrano (~> 3.0)
      capistrano-bundle_audit (>= 0.3.0)
      capistrano-one_time_key
      capistrano-shared_configs
    docile (1.4.0)
    domain_name (0.5.20190701)
      unf (>= 0.0.5, < 1.0.0)
    dor-rights-auth (1.7.0)
      nokogiri
    dot-properties (0.1.4)
      bundler (>= 2.2.33)
    dotenv (2.8.1)
    dry-configurable (1.0.1)
      dry-core (~> 1.0, < 2)
      zeitwerk (~> 2.6)
    dry-core (1.0.0)
      concurrent-ruby (~> 1.0)
      zeitwerk (~> 2.6)
    dry-inflector (1.0.0)
    dry-initializer (3.1.1)
    dry-logic (1.5.0)
      concurrent-ruby (~> 1.0)
      dry-core (~> 1.0, < 2)
      zeitwerk (~> 2.6)
    dry-schema (1.13.0)
      concurrent-ruby (~> 1.0)
      dry-configurable (~> 1.0, >= 1.0.1)
      dry-core (~> 1.0, < 2)
      dry-initializer (~> 3.0)
      dry-logic (>= 1.5, < 2)
      dry-types (>= 1.7, < 2)
      zeitwerk (~> 2.6)
    dry-types (1.7.0)
      concurrent-ruby (~> 1.0)
      dry-core (~> 1.0, < 2)
      dry-inflector (~> 1.0, < 2)
      dry-logic (>= 1.4, < 2)
      zeitwerk (~> 2.6)
    dry-validation (1.10.0)
      concurrent-ruby (~> 1.0)
      dry-core (~> 1.0, < 2)
      dry-initializer (~> 3.0)
      dry-schema (>= 1.12, < 2)
      zeitwerk (~> 2.6)
    edtf (3.1.0)
      activesupport (>= 3.0, < 8.0)
    erubi (1.12.0)
    execjs (2.8.1)
    factory_bot (6.2.1)
      activesupport (>= 5.0.0)
    factory_bot_rails (6.2.0)
      factory_bot (~> 6.2.0)
      railties (>= 5.0.0)
    faraday (1.10.3)
      faraday-em_http (~> 1.0)
      faraday-em_synchrony (~> 1.0)
      faraday-excon (~> 1.1)
      faraday-httpclient (~> 1.0)
      faraday-multipart (~> 1.0)
      faraday-net_http (~> 1.0)
      faraday-net_http_persistent (~> 1.0)
      faraday-patron (~> 1.0)
      faraday-rack (~> 1.0)
      faraday-retry (~> 1.0)
      ruby2_keywords (>= 0.0.4)
    faraday-em_http (1.0.0)
    faraday-em_synchrony (1.0.0)
    faraday-excon (1.1.0)
    faraday-httpclient (1.0.1)
    faraday-multipart (1.0.4)
      multipart-post (~> 2)
    faraday-net_http (1.0.1)
    faraday-net_http_persistent (1.2.0)
    faraday-patron (1.0.0)
    faraday-rack (1.0.0)
    faraday-retry (1.0.3)
    faraday_middleware (1.2.0)
      faraday (~> 1.0)
    ffi (1.15.5)
    ffi-compiler (1.0.1)
      ffi (>= 1.0.0)
      rake
    file_validators (3.0.0)
      activemodel (>= 3.2)
      mime-types (>= 1.0)
    friendly_id (5.5.0)
      activerecord (>= 4.0.0)
    github-markup (4.0.1)
    gli (2.21.0)
    globalid (1.0.1)
      activesupport (>= 5.0)
    handlebars_assets (0.23.9)
      execjs (~> 2.0)
      sprockets (>= 2.0.0)
      tilt (>= 1.2)
    hashdiff (1.0.1)
    hashie (5.0.0)
    honeybadger (5.0.2)
    http (5.1.1)
      addressable (~> 2.8)
      http-cookie (~> 1.0)
      http-form_data (~> 2.2)
      llhttp-ffi (~> 0.4.0)
    http-cookie (1.0.5)
      domain_name (~> 0.5)
    http-form_data (2.3.0)
    httpclient (2.8.3)
    i18n (1.12.0)
      concurrent-ruby (~> 1.0)
    i18n-active_record (1.1.0)
      i18n (>= 0.5.0)
    iiif-image-api (0.2.0)
      activesupport
    iiif-presentation (1.1.0)
      activesupport (>= 3.2.18)
      faraday (>= 0.9)
      json
    iiif_manifest (1.2.0)
      activesupport (>= 4)
    image_processing (1.12.2)
      mini_magick (>= 4.9.5, < 5)
      ruby-vips (>= 2.0.17, < 3)
    io-console (0.6.0)
    irb (1.6.2)
      reline (>= 0.3.0)
    iso-639 (0.3.6)
    jbuilder (2.11.5)
      actionview (>= 5.0.0)
      activesupport (>= 5.0.0)
    jquery-rails (4.5.1)
      rails-dom-testing (>= 1, < 3)
      railties (>= 4.2.0)
      thor (>= 0.14, < 2.0)
    json (2.6.3)
    jsonpath (1.1.2)
      multi_json
    jwt (2.6.0)
    kaminari (1.2.2)
      activesupport (>= 4.1.0)
      kaminari-actionview (= 1.2.2)
      kaminari-activerecord (= 1.2.2)
      kaminari-core (= 1.2.2)
    kaminari-actionview (1.2.2)
      actionview
      kaminari-core (= 1.2.2)
    kaminari-activerecord (1.2.2)
      activerecord
      kaminari-core (= 1.2.2)
    kaminari-core (1.2.2)
    latex-decode (0.4.0)
    launchy (2.5.2)
      addressable (~> 2.8)
    leaflet-rails (1.9.2)
      rails (>= 4.2.0)
    leaflet-sidebar-rails (0.2.0)
    legato (0.7.0)
      multi_json
    letter_opener (1.8.1)
      launchy (>= 2.2, < 3)
    listen (3.8.0)
      rb-fsevent (~> 0.10, >= 0.10.3)
      rb-inotify (~> 0.9, >= 0.9.10)
    llhttp-ffi (0.4.0)
      ffi-compiler (~> 1.0)
      rake (~> 13.0)
    loofah (2.19.1)
      crass (~> 1.0.2)
      nokogiri (>= 1.5.9)
    mail (2.8.0.1)
      mini_mime (>= 0.1.1)
      net-imap
      net-pop
      net-smtp
    marc (1.2.0)
      rexml
      scrub_rb (>= 1.0.1, < 2)
      unf
    marc-fastxmlwriter (1.1.0)
      marc (~> 1.0)
    marcel (1.0.2)
    matrix (0.4.2)
    method_source (1.0.0)
    mime-types (3.4.1)
      mime-types-data (~> 3.2015)
    mime-types-data (3.2022.0105)
    mini_magick (4.12.0)
    mini_mime (1.1.2)
    minitar (0.9)
    minitest (5.17.0)
    mods (3.0.3)
      edtf (~> 3.0)
      iso-639
      nokogiri (>= 1.6.6)
      nom-xml (~> 1.0)
    mods_display (1.2.1)
      i18n
      stanford-mods (>= 3.0.0.alpha1, < 4)
      view_component
    msgpack (1.6.0)
    multi_json (1.15.0)
    multi_xml (0.6.0)
    multipart-post (2.2.3)
    mysql2 (0.5.5)
    namae (1.1.1)
    net-imap (0.3.4)
      date
      net-protocol
    net-pop (0.1.2)
      net-protocol
    net-protocol (0.2.1)
      timeout
    net-scp (4.0.0)
      net-ssh (>= 2.6.5, < 8.0.0)
    net-smtp (0.3.3)
      net-protocol
    net-ssh (7.0.1)
    newrelic_rpm (8.15.0)
    nio4r (2.5.8)
    nokogiri (1.14.0-x86_64-darwin)
      racc (~> 1.4)
    nokogiri (1.14.0-x86_64-linux)
      racc (~> 1.4)
    nom-xml (1.2.0)
      i18n
      nokogiri
    oauth2 (1.4.11)
      faraday (>= 0.17.3, < 3.0)
      jwt (>= 1.0, < 3.0)
      multi_json (~> 1.3)
      multi_xml (~> 0.5)
      rack (>= 1.2, < 4)
    okcomputer (1.18.4)
    openseadragon (0.6.0)
      rails (> 3.2.0)
    orm_adapter (0.5.0)
    ostruct (0.5.5)
    paper_trail (12.3.0)
      activerecord (>= 5.2)
      request_store (~> 1.1)
    parallel (1.22.1)
    parser (3.2.0.0)
      ast (~> 2.4.1)
    parslet (2.0.0)
    popper_js (1.16.1)
    public_suffix (5.0.1)
    puma (5.6.5)
      nio4r (~> 2.0)
    purl_fetcher-client (0.5.0)
      dor-rights-auth
      http
      mods_display (>= 1.0.0.alpha1)
      nokogiri
      stanford-mods
    racc (1.6.2)
    rack (2.2.6.2)
    rack-accept (0.4.5)
      rack (>= 0.4)
    rack-mini-profiler (3.0.0)
      rack (>= 1.2.0)
    rack-test (2.0.2)
      rack (>= 1.3)
    rack-timeout (0.6.3)
    rails (7.0.4.1)
      actioncable (= 7.0.4.1)
      actionmailbox (= 7.0.4.1)
      actionmailer (= 7.0.4.1)
      actionpack (= 7.0.4.1)
      actiontext (= 7.0.4.1)
      actionview (= 7.0.4.1)
      activejob (= 7.0.4.1)
      activemodel (= 7.0.4.1)
      activerecord (= 7.0.4.1)
      activestorage (= 7.0.4.1)
      activesupport (= 7.0.4.1)
      bundler (>= 1.15.0)
      railties (= 7.0.4.1)
    rails-controller-testing (1.0.5)
      actionpack (>= 5.0.1.rc1)
      actionview (>= 5.0.1.rc1)
      activesupport (>= 5.0.1.rc1)
    rails-dom-testing (2.0.3)
      activesupport (>= 4.2.0)
      nokogiri (>= 1.6)
    rails-html-sanitizer (1.5.0)
      loofah (~> 2.19, >= 2.19.1)
    railties (7.0.4.1)
      actionpack (= 7.0.4.1)
      activesupport (= 7.0.4.1)
      method_source
      rake (>= 12.2)
      thor (~> 1.0)
      zeitwerk (~> 2.5)
    rainbow (3.1.1)
    rake (13.0.6)
    rb-fsevent (0.11.2)
    rb-inotify (0.10.1)
      ffi (~> 1.0)
    redcarpet (3.5.1)
    redis (5.0.6)
      redis-client (>= 0.9.0)
    redis-client (0.12.1)
      connection_pool
    regexp_parser (2.6.2)
    reline (0.3.2)
      io-console (~> 0.5)
    representable (3.2.0)
      declarative (< 0.1.0)
      trailblazer-option (>= 0.1.1, < 0.2.0)
      uber (< 0.2.0)
    request_store (1.5.1)
      rack (>= 1.4)
    responders (3.0.1)
      actionpack (>= 5.0)
      railties (>= 5.0)
    retriable (3.1.2)
    rexml (3.2.5)
    riiif (2.4.0)
      deprecation (>= 1.0.0)
      iiif-image-api (>= 0.1.0)
      railties (>= 4.2, < 8)
    roar (1.2.0)
      representable (~> 3.1)
    roar-rails (1.2.0)
      actionpack
      railties (>= 3.0.0)
      responders
      roar (~> 1.2)
      test_xml (>= 0.1.6)
      uber (< 0.2.0)
    rsolr (2.5.0)
      builder (>= 2.1.2)
      faraday (>= 0.9, < 3, != 2.0.0)
    rspec-core (3.12.0)
      rspec-support (~> 3.12.0)
    rspec-expectations (3.12.2)
      diff-lcs (>= 1.2.0, < 2.0)
      rspec-support (~> 3.12.0)
    rspec-mocks (3.12.3)
      diff-lcs (>= 1.2.0, < 2.0)
      rspec-support (~> 3.12.0)
    rspec-rails (6.0.1)
      actionpack (>= 6.1)
      activesupport (>= 6.1)
      railties (>= 6.1)
      rspec-core (~> 3.11)
      rspec-expectations (~> 3.11)
      rspec-mocks (~> 3.11)
      rspec-support (~> 3.11)
    rspec-support (3.12.0)
    rubocop (1.43.0)
      json (~> 2.3)
      parallel (~> 1.10)
      parser (>= 3.2.0.0)
      rainbow (>= 2.2.2, < 4.0)
      regexp_parser (>= 1.8, < 3.0)
      rexml (>= 3.2.5, < 4.0)
      rubocop-ast (>= 1.24.1, < 2.0)
      ruby-progressbar (~> 1.7)
      unicode-display_width (>= 2.4.0, < 3.0)
    rubocop-ast (1.24.1)
      parser (>= 3.1.1.0)
    rubocop-capybara (2.17.0)
      rubocop (~> 1.41)
    rubocop-performance (1.15.2)
      rubocop (>= 1.7.0, < 2.0)
      rubocop-ast (>= 0.4.0)
    rubocop-rails (2.17.4)
      activesupport (>= 4.2.0)
      rack (>= 1.1)
      rubocop (>= 1.33.0, < 2.0)
    rubocop-rspec (2.18.1)
      rubocop (~> 1.33)
      rubocop-capybara (~> 2.17)
    ruby-oembed (0.16.1)
    ruby-progressbar (1.11.0)
    ruby-vips (2.1.4)
      ffi (~> 1.12)
    ruby2_keywords (0.0.5)
    rubyzip (2.3.2)
    sassc (2.4.0)
      ffi (~> 1.9)
    sassc-rails (2.1.2)
      railties (>= 4.0.0)
      sassc (>= 2.0)
      sprockets (> 3.0)
      sprockets-rails
      tilt
    scrub_rb (1.0.1)
    selenium-webdriver (4.7.1)
      rexml (~> 3.2, >= 3.2.5)
      rubyzip (>= 1.2.2, < 3.0)
      websocket (~> 1.0)
    sidekiq (7.0.3)
      concurrent-ruby (< 2)
      connection_pool (>= 2.3.0)
      rack (>= 2.2.4)
      redis-client (>= 0.11.0)
    signet (0.17.0)
      addressable (~> 2.8)
      faraday (>= 0.17.5, < 3.a)
      jwt (>= 1.5, < 3.0)
      multi_json (~> 1.10)
    simplecov (0.22.0)
      docile (~> 1.1)
      simplecov-html (~> 0.11)
      simplecov_json_formatter (~> 0.1)
    simplecov-html (0.12.3)
    simplecov_json_formatter (0.1.4)
    sitemap_generator (6.3.0)
      builder (~> 3.0)
    slack-ruby-client (1.0.0)
      faraday (>= 1.0)
      faraday_middleware
      gli
      hashie
      websocket-driver
    slop (4.9.3)
    slowpoke (0.4.0)
      actionpack
      rack-timeout (>= 0.4)
      railties (>= 5.2)
    solr_wrapper (4.0.2)
      http
      minitar
      retriable
      ruby-progressbar
    solrizer (4.1.0)
      activesupport
      nokogiri
      xml-simple
    sprockets (4.2.0)
      concurrent-ruby (~> 1.0)
      rack (>= 2.2.4, < 4)
    sprockets-es6 (0.9.2)
      babel-source (>= 5.8.11)
      babel-transpiler
      sprockets (>= 3.0.0)
    sprockets-rails (3.4.2)
      actionpack (>= 5.2)
      activesupport (>= 5.2)
      sprockets (>= 3.0.0)
    sqlite3 (1.6.0-x86_64-darwin)
    sqlite3 (1.6.0-x86_64-linux)
    sshkit (1.21.3)
      net-scp (>= 1.1.2)
      net-ssh (>= 2.8.0)
    ssrf_filter (1.1.1)
    stanford-mods (3.3.1)
      activesupport
      mods (~> 3.0, >= 3.0.3)
    test_xml (0.1.8)
      diffy (~> 3.0)
      nokogiri (>= 1.3.2)
    thor (1.2.1)
    tilt (2.0.11)
    timeout (0.3.1)
    tophat (2.3.1)
      actionpack (>= 3.0.0)
    trailblazer-option (0.1.2)
    traject (3.8.1)
      concurrent-ruby (>= 0.8.0)
      dot-properties (>= 0.1.1)
      hashie (>= 3.1, < 6)
      http (>= 3.0, < 6)
      httpclient (~> 2.5)
      marc (~> 1.0)
      marc-fastxmlwriter (~> 1.0)
      nokogiri (~> 1.9)
      slop (~> 4.0)
      yell
    turbolinks (5.2.1)
      turbolinks-source (~> 5.2)
    turbolinks-source (5.2.0)
    turnout (2.5.0)
      i18n (>= 0.7, < 2)
      rack (>= 1.3, < 3)
      rack-accept (~> 0.4)
      tilt (>= 1.4, < 3)
    twitter-typeahead-rails (0.11.1.pre.corejavascript)
      actionpack (>= 3.1)
      jquery-rails
      railties (>= 3.1)
    tzinfo (2.0.5)
      concurrent-ruby (~> 1.0)
    uber (0.1.0)
    underscore-rails (1.8.3)
    unf (0.1.4)
      unf_ext
    unf_ext (0.0.8.2)
    unicode-display_width (2.4.2)
    view_component (2.82.0)
      activesupport (>= 5.2.0, < 8.0)
      concurrent-ruby (~> 1.0)
      method_source (~> 1.0)
    warden (1.2.9)
      rack (>= 2.0.9)
    web-console (4.2.0)
      actionview (>= 6.0.0)
      activemodel (>= 6.0.0)
      bindex (>= 0.4.0)
      railties (>= 6.0.0)
    webdrivers (5.2.0)
      nokogiri (~> 1.6)
      rubyzip (>= 1.3.0)
      selenium-webdriver (~> 4.0)
    webmock (3.18.1)
      addressable (>= 2.8.0)
      crack (>= 0.3.2)
      hashdiff (>= 0.4.0, < 2.0.0)
    websocket (1.2.9)
    websocket-driver (0.7.5)
      websocket-extensions (>= 0.1.0)
    websocket-extensions (0.1.5)
    xml-simple (1.1.9)
      rexml
    xpath (3.2.0)
      nokogiri (~> 1.8)
    yell (2.2.2)
    zeitwerk (2.6.6)

PLATFORMS
  x86_64-darwin-19
  x86_64-darwin-20
  x86_64-darwin-21
  x86_64-darwin-22
  x86_64-linux

DEPENDENCIES
  acts-as-taggable-on
  bibtex-ruby
  blacklight (~> 7.15)
  blacklight-gallery (~> 4)
  blacklight-oembed (~> 1.0)
  blacklight-spotlight (~> 3.0)
  blacklight_advanced_search
  blacklight_heatmaps
  blacklight_range_limit (~> 8.0)
  bootsnap (>= 1.1.0)
  bootstrap (~> 4.6)
  capistrano (~> 3.0)
  capistrano-bundler
  capistrano-passenger
  capistrano-rails
  capistrano-shared_configs
  capybara
  citeproc-ruby
  config
  csl-styles
  database_cleaner
  debug
  devise
  devise-guests (~> 0.3)
  devise-remote-user
  devise_invitable
  dlss-capistrano
  dotenv
  factory_bot_rails
  faraday
  file_validators
  friendly_id (~> 5.4)
  honeybadger
  jbuilder (~> 2.7)
  jquery-rails
  jsonpath
  letter_opener
  listen (~> 3.3)
  mods_display (~> 1.0)
  mysql2
  newrelic_rpm
  nokogiri (>= 1.7.1)
  oauth2 (~> 1.4)
  okcomputer
  puma (~> 5.0)
  purl_fetcher-client (~> 0.4)
  rack-mini-profiler
  rails (~> 7.0)
  rails-controller-testing
  redis (~> 5.0)
  riiif
  rsolr
  rspec-rails
  rubocop
  rubocop-performance
  rubocop-rails
  rubocop-rspec
  ruby-oembed
  sassc-rails
  selenium-webdriver (!= 3.13.0)
  sidekiq (~> 7.0)
  sidekiq-pro (~> 7.0)!
  simplecov
  sitemap_generator
  slack-ruby-client
  slowpoke
  solr_wrapper
  solrizer
  sprockets-rails
  sqlite3
  stanford-mods (~> 3.0)
  traject
  turbolinks (~> 5)
  turnout
  twitter-typeahead-rails (= 0.11.1.pre.corejavascript)
  tzinfo-data
  web-console (>= 4.1.0)
  webdrivers
  webmock

BUNDLED WITH
   2.3.20
